GEM
  remote: https://rubygems.org/
  specs:
    choice (0.1.6)
    fitgem (0.8.0)
      oauth
    oauth (0.4.7)

PLATFORMS
  ruby

DEPENDENCIES
  choice
  fitgem
