PATH
  remote: .
  specs:
    fitbit-to-graphite (0.1.1)
      choice
      fitgem
      tzinfo

GEM
  remote: https://rubygems.org/
  specs:
    atomic (1.1.14)
    choice (0.1.6)
    fitgem (0.8.0)
      oauth
    oauth (0.4.7)
    thread_safe (0.1.3)
      atomic
    tzinfo (1.1.0)
      thread_safe (~> 0.1)

PLATFORMS
  ruby

DEPENDENCIES
  fitbit-to-graphite!
